GEM
  remote: https://rubygems.org/
  specs:
    dotenv (1.0.2)
    foreman (0.77.0)
      dotenv (~> 1.0.2)
      thor (~> 0.19.1)
    thor (0.19.1)

PLATFORMS
  ruby

DEPENDENCIES
  foreman
