GEM
  remote: https://rubygems.org/
  specs:
    mini_portile2 (2.4.0)
    nokogiri (1.10.8)
      mini_portile2 (~> 2.4.0)
    roo (2.7.1)
      nokogiri (~> 1)
      rubyzip (~> 1.1, < 2.0.0)
    rubyzip (1.2.1)

PLATFORMS
  ruby

DEPENDENCIES
  roo

RUBY VERSION
   ruby 2.3.1p112

BUNDLED WITH
   1.15.1
