GEM
  remote: http://rubygems.org/
  specs:
    bubble-wrap (1.3.0.osx)
    motion-addressbook (1.2.0)
      bubble-wrap
    motion-require (0.0.6)
    motion-support (0.2.4)
      motion-require (>= 0.0.6)
    motion_model (0.4.4)
      bubble-wrap (= 1.3.0.osx)
      motion-support (>= 0.1.0)

PLATFORMS
  ruby

DEPENDENCIES
  bubble-wrap (~> 1.3.0.osx)
  motion-addressbook
  motion_model
