GEM
  remote: http://rubygems.org/
  specs:
    joybox (1.0.0)
      rake
    rake (13.0.1)

PLATFORMS
  ruby

DEPENDENCIES
  joybox
